GEM
  remote: http://rubygems.org/
  specs:
    mustermann (1.0.3)
    nio4r (2.5.7)
    puma (4.3.8)
      nio4r (~> 2.0)
    rack (2.0.7)
    rack-protection (2.0.5)
      rack
    rack-timeout (0.5.1)
    sinatra (2.0.5)
      mustermann (~> 1.0)
      rack (~> 2.0)
      rack-protection (= 2.0.5)
      tilt (~> 2.0)
    tilt (2.0.9)

PLATFORMS
  ruby

DEPENDENCIES
  puma
  rack-timeout
  sinatra (~> 2.0.5)

RUBY VERSION
   ruby 2.5.5p157

BUNDLED WITH
   2.0.1
